GEM
  remote: https://rubygems.org/
  specs:
    redis (4.6.0)

PLATFORMS
  ruby

DEPENDENCIES
  redis (~> 4.6)

BUNDLED WITH
   2.1.4
