GEM
  remote: https://rubygems.org/
  specs:
    connection_pool (2.2.5)
    redis (5.0.1)
      redis-client (~> 0.7)
    redis-client (0.7.1)
      connection_pool

PLATFORMS
  ruby

DEPENDENCIES
  redis (~> 5.0)

BUNDLED WITH
   2.1.4
