GEM
  remote: https://rubygems.org/
  specs:
    connection_pool (2.3.0)
    redis (5.0.5)
      redis-client (>= 0.9.0)
    redis-client (0.9.0)
      connection_pool

PLATFORMS
  ruby

DEPENDENCIES
  redis (~> 5.0)

BUNDLED WITH
   2.1.4
