GEM
  remote: https://rubygems.org/
  specs:
    redis (4.8.0)

PLATFORMS
  ruby

DEPENDENCIES
  redis (~> 4.8)

BUNDLED WITH
   2.1.4
