GEM
  remote: https://rubygems.org/
  specs:
    redis (4.3.1)

PLATFORMS
  ruby

DEPENDENCIES
  redis (~> 4.3)

BUNDLED WITH
   2.1.4
